PATH
  remote: .
  specs:
    quest-rb (0.1.0)
      ruby-hl7 (~> 1.3.3, <= 1.3.3)

GEM
  remote: https://rubygems.org/
  specs:
    coderay (1.1.3)
    diff-lcs (1.5.1)
    method_source (1.1.0)
    pry (0.14.2)
      coderay (~> 1.1)
      method_source (~> 1.0)
    rspec (3.13.0)
      rspec-core (~> 3.13.0)
      rspec-expectations (~> 3.13.0)
      rspec-mocks (~> 3.13.0)
    rspec-core (3.13.1)
      rspec-support (~> 3.13.0)
    rspec-expectations (3.13.3)
      diff-lcs (>= 1.2.0, < 2.0)
      rspec-support (~> 3.13.0)
    rspec-mocks (3.13.1)
      diff-lcs (>= 1.2.0, < 2.0)
      rspec-support (~> 3.13.0)
    rspec-support (3.13.1)
    ruby-hl7 (1.3.3)

PLATFORMS
  ruby
  x86_64-linux

DEPENDENCIES
  bundler (>= 2.0)
  pry
  quest-rb!
  rspec
  ruby-hl7

BUNDLED WITH
   2.5.11
